GEM
  remote: http://rubygems.org/
  specs:
    rack (1.3.2)
    rack-test (0.6.1)
      rack (>= 1.0)
    rspec (1.3.2)

PLATFORMS
  java

DEPENDENCIES
  rack
  rack-test
  rspec (~> 1.3.0)
